PATH
  remote: ../../omni_scrapper
  specs:
    omni_scrapper (2.0.0.beta1)
      ferrum
      mechanize

GEM
  remote: https://rubygems.org/
  specs:
    activesupport (6.0.0)
      concurrent-ruby (~> 1.0, >= 1.0.2)
      i18n (>= 0.7, < 2)
      minitest (~> 5.1)
      tzinfo (~> 1.1)
      zeitwerk (~> 2.1, >= 2.1.8)
    addressable (2.7.0)
      public_suffix (>= 2.0.2, < 5.0)
    cliver (0.3.2)
    concurrent-ruby (1.1.5)
    connection_pool (2.2.2)
    domain_name (0.5.20190701)
      unf (>= 0.0.5, < 1.0.0)
    ferrum (0.6.2)
      addressable (~> 2.6)
      cliver (~> 0.3)
      concurrent-ruby (~> 1.1)
      websocket-driver (>= 0.6, < 0.8)
    graphql (1.9.15)
    graphql-client (0.16.0)
      activesupport (>= 3.0)
      graphql (~> 1.8)
    http-cookie (1.0.3)
      domain_name (~> 0.5)
    httparty (0.17.1)
      mime-types (~> 3.0)
      multi_xml (>= 0.5.2)
    i18n (1.7.0)
      concurrent-ruby (~> 1.0)
    mechanize (2.7.6)
      domain_name (~> 0.5, >= 0.5.1)
      http-cookie (~> 1.0)
      mime-types (>= 1.17.2)
      net-http-digest_auth (~> 1.1, >= 1.1.1)
      net-http-persistent (>= 2.5.2)
      nokogiri (~> 1.6)
      ntlm-http (~> 0.1, >= 0.1.1)
      webrobots (>= 0.0.9, < 0.2)
    mime-types (3.3)
      mime-types-data (~> 3.2015)
    mime-types-data (3.2019.1009)
    mini_portile2 (2.4.0)
    minitest (5.13.0)
    multi_xml (0.6.0)
    net-http-digest_auth (1.4.1)
    net-http-persistent (3.1.0)
      connection_pool (~> 2.2)
    nokogiri (1.10.5)
      mini_portile2 (~> 2.4.0)
    ntlm-http (0.1.1)
    public_suffix (4.0.1)
    rack (2.0.7)
    rack-protection (2.0.7)
      rack
    redis (4.1.3)
    sidekiq (5.2.7)
      connection_pool (~> 2.2, >= 2.2.2)
      rack (>= 1.5.0)
      rack-protection (>= 1.5.0)
      redis (>= 3.3.5, < 5)
    thread_safe (0.3.6)
    tzinfo (1.2.5)
      thread_safe (~> 0.1)
    unf (0.1.4)
      unf_ext
    unf_ext (0.0.7.6)
    webrobots (0.1.2)
    websocket-driver (0.7.1)
      websocket-extensions (>= 0.1.0)
    websocket-extensions (0.1.4)
    zeitwerk (2.2.1)

PLATFORMS
  ruby

DEPENDENCIES
  graphql-client
  httparty
  omni_scrapper!
  sidekiq

BUNDLED WITH
   1.17.3
